{
	"Manufacturer": "Siemens",
	"ManufacturersModelName": "TrioTim",
	"ProcedureStepDescription": "CIC-Physics_func_battery_Jess",
	"ProtocolName": "Func_battery_Letters_TR=2s_Standard_EPI",
	"TaskName": "Working Memory Variant",
	"ImageType": ["ORIGINAL", "PRIMARY", "M", "ND", "NORM", "MOSAIC"],
	"AcquisitionDateTime": "2017-03-15T16:14:46.562500",
	"MagneticFieldStrength": 3,
	"FlipAngle": 80,
	"EchoTime": 0.03,
	"RepetitionTime": 2,
	"EffectiveEchoSpacing": 0.000265001,
	"PhaseEncodingDirection": "j-",
	"ConversionSoftware": "dcm2niix",
	"ConversionSoftwareVersion": "v1.0.20170207"
}
